GEM
  remote: https://rubygems.org/
  specs:
    addressable (2.3.8)
    ansi (1.5.0)
    builder (3.2.2)
    colorize (0.7.7)
    crack (0.4.3)
      safe_yaml (~> 1.0.0)
    docopt (0.5.0)
    fastimage (1.7.0)
      addressable (~> 2.3, >= 2.3.5)
    hashdiff (0.2.3)
    httpclient (2.7.1)
    mini_portile (0.6.2)
    minitest (5.8.3)
    minitest-reporters (1.1.7)
      ansi
      builder
      minitest (>= 5.0)
      ruby-progressbar
    nokogiri (1.6.6.2)
      mini_portile (~> 0.6.0)
    power_assert (0.2.7)
    rake (10.4.2)
    ruby-progressbar (1.7.5)
    safe_yaml (1.0.4)
    scriptster (0.2.2)
      docopt (~> 0.5)
      tco (~> 0.1)
    slop (4.2.0)
    tco (0.1.8)
    test-unit (3.1.5)
      power_assert
    webmock (1.22.6)
      addressable (>= 2.3.6)
      crack (>= 0.3.2)
      hashdiff
    webrick (1.3.1)

PLATFORMS
  ruby

DEPENDENCIES
  addressable
  colorize
  fastimage
  httpclient
  minitest-reporters
  nokogiri
  rake
  scriptster
  slop
  test-unit
  webmock
  webrick

BUNDLED WITH
   1.11.2
