GEM
  remote: https://rubygems.org/
  specs:
    addressable (2.6.0)
      public_suffix (>= 2.0.2, < 4.0)
    ansi (1.5.0)
    awesome_print (1.8.0)
    builder (3.2.3)
    byebug (11.0.1)
    colorize (0.8.1)
    crack (0.4.3)
      safe_yaml (~> 1.0.0)
    curb (0.9.10)
    docopt (0.6.1)
    fastimage (2.1.5)
    hashdiff (1.0.0)
    httpclient (2.8.3)
    mini_portile2 (2.4.0)
    minitest (5.11.3)
    minitest-reporters (1.3.6)
      ansi
      builder
      minitest (>= 5.0)
      ruby-progressbar
    nokogiri (1.10.3)
      mini_portile2 (~> 2.4.0)
    public_suffix (3.1.1)
    rake (12.3.3)
    ruby-progressbar (1.10.1)
    safe_yaml (1.0.5)
    scriptster (0.2.3)
      docopt (~> 0.5)
      tco (~> 0.1)
    slop (4.7.0)
    tco (0.1.8)
    webmock (3.6.0)
      addressable (>= 2.3.6)
      crack (>= 0.3.2)
      hashdiff (>= 0.4.0, < 2.0.0)
    webrick (1.4.2)

PLATFORMS
  ruby

DEPENDENCIES
  addressable
  awesome_print
  byebug
  colorize
  curb
  fastimage
  httpclient
  minitest
  minitest-reporters
  nokogiri
  rake
  scriptster
  slop
  webmock
  webrick

BUNDLED WITH
   1.17.2
