GEM
  remote: https://rubygems.org/
  specs:
    addressable (2.3.8)
    colorize (0.7.7)
    docopt (0.5.0)
    fastimage (1.7.0)
      addressable (~> 2.3, >= 2.3.5)
    mini_portile (0.6.2)
    nokogiri (1.6.6.2)
      mini_portile (~> 0.6.0)
    scriptster (0.2.2)
      docopt (~> 0.5)
      tco (~> 0.1)
    slop (4.2.0)
    tco (0.1.8)

PLATFORMS
  ruby

DEPENDENCIES
  addressable
  colorize
  fastimage
  nokogiri
  scriptster
  slop

BUNDLED WITH
   1.10.5
