GEM
  remote: https://rubygems.org/
  specs:
    addressable (2.3.8)
    colorize (0.7.7)
    fastimage (1.7.0)
      addressable (~> 2.3, >= 2.3.5)
    mini_portile (0.6.2)
    nokogiri (1.6.6.2)
      mini_portile (~> 0.6.0)

PLATFORMS
  ruby

DEPENDENCIES
  addressable
  colorize
  fastimage
  nokogiri

BUNDLED WITH
   1.10.5
