GEM
  remote: https://rubygems.org/
  specs:
    addressable (2.8.0)
      public_suffix (>= 2.0.2, < 5.0)
    ansi (1.5.0)
    awesome_print (1.9.2)
    builder (3.2.4)
    byebug (11.1.3)
    colorize (0.8.1)
    crack (0.4.5)
      rexml
    curb (0.9.11)
    docopt (0.6.1)
    fastimage (2.2.5)
    hashdiff (1.0.1)
    httpclient (2.8.3)
    mini_portile2 (2.6.1)
    minitest (5.14.4)
    minitest-reporters (1.4.3)
      ansi
      builder
      minitest (>= 5.0)
      ruby-progressbar
    nokogiri (1.12.5)
      mini_portile2 (~> 2.6.1)
      racc (~> 1.4)
    public_suffix (4.0.6)
    racc (1.5.2)
    rake (13.0.6)
    rexml (3.2.5)
    ruby-progressbar (1.11.0)
    scriptster (0.2.3)
      docopt (~> 0.5)
      tco (~> 0.1)
    slop (4.9.1)
    tco (0.1.8)
    webmock (3.14.0)
      addressable (>= 2.8.0)
      crack (>= 0.3.2)
      hashdiff (>= 0.4.0, < 2.0.0)
    webrick (1.7.0)

PLATFORMS
  ruby

DEPENDENCIES
  addressable
  awesome_print
  byebug
  colorize
  curb
  fastimage
  httpclient
  minitest
  minitest-reporters
  nokogiri
  rake
  scriptster
  slop
  webmock
  webrick

BUNDLED WITH
   2.2.24
